GEM
  remote: https://rubygems.org/
  specs:
    hobbit (0.6.0)
      rack
    hobbit-contrib (0.7.1)
      hobbit
    rack (1.6.0)

PLATFORMS
  ruby

DEPENDENCIES
  hobbit
  hobbit-contrib
